PATH
  remote: ../rulers
  specs:
    rulers (0.0.2)
      erubis
      multi_json
      rack
      sqlite3

GEM
  remote: http://rubygems.org/
  specs:
    coderay (1.0.8)
    erubis (2.7.0)
    method_source (0.8.1)
    multi_json (1.5.0)
    pry (0.9.11.4)
      coderay (~> 1.0.5)
      method_source (~> 0.8)
      slop (~> 3.4)
    rack (1.5.1)
    slop (3.4.3)
    sqlite3 (1.3.7)

PLATFORMS
  ruby

DEPENDENCIES
  pry
  rulers!
