PATH
  remote: ../rulers
  specs:
    rulers (0.0.2)
      erubis
      multi_json
      rack

GEM
  remote: http://rubygems.org/
  specs:
    erubis (2.7.0)
    multi_json (1.5.0)
    rack (1.5.1)

PLATFORMS
  ruby

DEPENDENCIES
  rulers!
